PATH
  remote: .
  specs:
    plc_access (0.1.1)
      serialport (~> 1.3, >= 1.3.1)

GEM
  remote: https://rubygems.org/
  specs:
    ast (2.4.2)
    json (2.6.2)
    parallel (1.22.1)
    parser (3.1.2.1)
      ast (~> 2.4.1)
    power_assert (2.0.1)
    rainbow (3.1.1)
    rake (12.3.3)
    regexp_parser (2.5.0)
    rexml (3.2.5)
    rr (3.1.0)
    rubocop (1.36.0)
      json (~> 2.3)
      parallel (~> 1.10)
      parser (>= 3.1.2.1)
      rainbow (>= 2.2.2, < 4.0)
      regexp_parser (>= 1.8, < 3.0)
      rexml (>= 3.2.5, < 4.0)
      rubocop-ast (>= 1.20.1, < 2.0)
      ruby-progressbar (~> 1.7)
      unicode-display_width (>= 1.4.0, < 3.0)
    rubocop-ast (1.21.0)
      parser (>= 3.1.1.0)
    ruby-progressbar (1.11.0)
    serialport (1.3.2)
    test-unit (3.5.3)
      power_assert
    test-unit-rr (1.0.5)
      rr (>= 1.1.1)
      test-unit (>= 2.5.2)
    unicode-display_width (2.3.0)

PLATFORMS
  ruby

DEPENDENCIES
  plc_access!
  rake (~> 12.0)
  rubocop
  test-unit
  test-unit-rr

BUNDLED WITH
   2.4.22
