PATH
  remote: .
  specs:
    plc_access (0.1.3)
      serialport (~> 1.3, >= 1.3.1)

GEM
  remote: https://rubygems.org/
  specs:
    ast (2.4.2)
    json (2.10.1)
    language_server-protocol (3.17.0.4)
    lint_roller (1.1.0)
    parallel (1.26.3)
    parser (3.3.7.1)
      ast (~> 2.4.1)
      racc
    power_assert (2.0.5)
    racc (1.8.1)
    rainbow (3.1.1)
    rake (12.3.3)
    regexp_parser (2.10.0)
    rr (3.1.1)
    rubocop (1.72.2)
      json (~> 2.3)
      language_server-protocol (~> 3.17.0.2)
      lint_roller (~> 1.1.0)
      parallel (~> 1.10)
      parser (>= 3.3.0.2)
      rainbow (>= 2.2.2, < 4.0)
      regexp_parser (>= 2.9.3, < 3.0)
      rubocop-ast (>= 1.38.0, < 2.0)
      ruby-progressbar (~> 1.7)
      unicode-display_width (>= 2.4.0, < 4.0)
    rubocop-ast (1.38.0)
      parser (>= 3.3.1.0)
    ruby-progressbar (1.13.0)
    serialport (1.3.2)
    test-unit (3.6.7)
      power_assert
    test-unit-rr (1.0.5)
      rr (>= 1.1.1)
      test-unit (>= 2.5.2)
    unicode-display_width (3.1.4)
      unicode-emoji (~> 4.0, >= 4.0.4)
    unicode-emoji (4.0.4)

PLATFORMS
  ruby

DEPENDENCIES
  plc_access!
  rake (~> 12.0)
  rubocop
  test-unit
  test-unit-rr

BUNDLED WITH
   2.4.22
